GIT
  remote: https://github.com/ParadoxV5/yard.git
  revision: 9e869c940859570b07b81c5eadd6070e76f6291e
  ref: 9e869c940859570b07b81c5eadd6070e76f6291e
  branch: commonmarker-1.0
  specs:
    yard (0.9.36)

PATH
  remote: .
  specs:
    unisec (0.0.6)
      ctf-party (~> 4.0)
      dry-cli (~> 1.0)
      paint (~> 2.3)
      twitter_cldr (~> 6.13)
      unicode-confusable (~> 1.12)

GEM
  remote: https://rubygems.org/
  specs:
    ast (2.4.2)
    base64 (0.2.0)
    bigdecimal (3.1.9)
    camertron-eprun (1.1.1)
    cldr-plurals-runtime-rb (1.1.0)
    coderay (1.1.3)
    commonmarker (2.1.0)
      rb_sys (~> 0.9)
    commonmarker (2.1.0-x86_64-linux)
    concurrent-ruby (1.3.5)
    ctf-party (4.0.0)
      base64 (~> 0.2.0)
      docopt (~> 0.6)
      uri (~> 1.0, >= 1.0.2)
    docopt (0.6.1)
    dry-cli (1.2.0)
    json (2.10.2)
    language_server-protocol (3.17.0.4)
    lint_roller (1.1.0)
    minitest (5.25.5)
    minitest-skip (0.0.3)
      minitest (~> 5.0)
    paint (2.3.0)
    parallel (1.26.3)
    parser (3.3.7.1)
      ast (~> 2.4.1)
      racc
    racc (1.8.1)
    rainbow (3.1.1)
    rake (13.2.1)
    rake-compiler-dock (1.9.1)
    rb_sys (0.9.111)
      rake-compiler-dock (= 1.9.1)
    regexp_parser (2.10.0)
    rubocop (1.73.1)
      json (~> 2.3)
      language_server-protocol (~> 3.17.0.2)
      lint_roller (~> 1.1.0)
      parallel (~> 1.10)
      parser (>= 3.3.0.2)
      rainbow (>= 2.2.2, < 4.0)
      regexp_parser (>= 2.9.3, < 3.0)
      rubocop-ast (>= 1.38.0, < 2.0)
      ruby-progressbar (~> 1.7)
      unicode-display_width (>= 2.4.0, < 4.0)
    rubocop-ast (1.38.1)
      parser (>= 3.3.1.0)
    ruby-progressbar (1.13.0)
    twitter_cldr (6.14.0)
      base64
      camertron-eprun
      cldr-plurals-runtime-rb (~> 1.1)
      tzinfo
    tzinfo (2.0.6)
      concurrent-ruby (~> 1.0)
    unicode-confusable (1.12.0)
    unicode-display_width (3.1.4)
      unicode-emoji (~> 4.0, >= 4.0.4)
    unicode-emoji (4.0.4)
    uri (1.0.3)
    webrick (1.9.1)
    yard-coderay (0.1.0)
      coderay
      yard

PLATFORMS
  ruby
  x86_64-linux

DEPENDENCIES
  bigdecimal (~> 3.1, >= 3.1.9)
  bundler (~> 2.1)
  commonmarker (~> 2.0)
  ctf-party (~> 4.0)
  dry-cli (~> 1.2)
  minitest (~> 5.25)
  minitest-skip (~> 0.0)
  paint (~> 2.3)
  rake (~> 13.2)
  rubocop (~> 1.69)
  twitter_cldr (~> 6.13)
  unicode-confusable (~> 1.12)
  unisec!
  webrick (~> 1.9)
  yard!
  yard-coderay (~> 0.1)

BUNDLED WITH
   2.6.0
